PATH
  remote: .
  specs:
    r2d (0.0.0)
      gosu (~> 0.7.47.1)

GEM
  remote: https://rubygems.org/
  specs:
    gosu (0.7.47.1)

PLATFORMS
  ruby

DEPENDENCIES
  r2d!
